GEM
  remote: https://rubygems.org/
  specs:
    addressable (2.7.0)
      public_suffix (>= 2.0.2, < 5.0)
    ast (2.4.1)
    byebug (11.1.3)
    coderay (1.1.3)
    faraday (1.1.0)
      multipart-post (>= 1.2, < 3)
      ruby2_keywords
    faraday_middleware (1.0.0)
      faraday (~> 1.0)
    method_source (1.0.0)
    mini_portile2 (2.4.0)
    multipart-post (2.1.1)
    netrc (0.11.0)
    nokogiri (1.10.10)
      mini_portile2 (~> 2.4.0)
    octokit (4.19.0)
      faraday (>= 0.9)
      sawyer (~> 0.8.0, >= 0.5.3)
    parallel (1.20.1)
    parser (2.7.2.0)
      ast (~> 2.4.1)
    pastel (0.8.0)
      tty-color (~> 0.5)
    pry (0.13.1)
      coderay (~> 1.1)
      method_source (~> 1.0)
    pry-byebug (3.9.0)
      byebug (~> 11.0)
      pry (~> 0.13.0)
    public_suffix (4.0.6)
    rainbow (3.0.0)
    regexp_parser (2.0.0)
    rexml (3.2.4)
    rubocop (1.5.1)
      parallel (~> 1.10)
      parser (>= 2.7.1.5)
      rainbow (>= 2.2.2, < 4.0)
      regexp_parser (>= 2.0)
      rexml
      rubocop-ast (>= 1.2.0)
      ruby-progressbar (~> 1.7)
      unicode-display_width (>= 1.4.0, < 2.0)
    rubocop-ast (1.3.0)
      parser (>= 2.7.1.5)
    rubocop-performance (1.9.1)
      rubocop (>= 0.90.0, < 2.0)
      rubocop-ast (>= 0.4.0)
    ruby-progressbar (1.10.1)
    ruby2_keywords (0.0.2)
    sawyer (0.8.2)
      addressable (>= 2.3.5)
      faraday (> 0.8, < 2.0)
    tty-color (0.6.0)
    tty-cursor (0.7.1)
    tty-prompt (0.22.0)
      pastel (~> 0.8)
      tty-reader (~> 0.8)
    tty-reader (0.8.0)
      tty-cursor (~> 0.7)
      tty-screen (~> 0.8)
      wisper (~> 2.0)
    tty-screen (0.8.1)
    unicode-display_width (1.7.0)
    wisper (2.0.1)

PLATFORMS
  ruby

DEPENDENCIES
  faraday (~> 1.0)
  faraday_middleware (~> 1.0)
  netrc (~> 0.11.0)
  nokogiri (~> 1.10)
  octokit (~> 4.18)
  parallel (~> 1.19)
  pry-byebug (~> 3.9)
  rubocop-performance (~> 1.8)
  tty-prompt (~> 0.22.0)

BUNDLED WITH
   2.1.4
